GEM
  remote: https://rubygems.org/
  specs:
    archive-zip (0.7.0)
      io-like (~> 0.3.0)
    childprocess (0.9.0)
      ffi (~> 1.0, >= 1.0.11)
    chromedriver-helper (1.0.0)
      archive-zip (~> 0.7.0)
      nokogiri (~> 1.6)
    diff-lcs (1.3)
    domain_name (0.5.20180417)
      unf (>= 0.0.5, < 1.0.0)
    ffi (1.10.0)
    geckodriver-helper (0.23.0)
      archive-zip (~> 0.7)
    http-cookie (1.0.3)
      domain_name (~> 0.5)
    io-like (0.3.0)
    json (2.1.0)
    mime-types (3.2.2)
      mime-types-data (~> 3.2015)
    mime-types-data (3.2018.0812)
    mini_portile2 (2.4.0)
    netrc (0.11.0)
    nokogiri (1.10.1)
      mini_portile2 (~> 2.4.0)
    parallel (1.13.0)
    parallel_tests (2.10.0)
      parallel
    rake (11.3.0)
    rest-client (2.0.2)
      http-cookie (>= 1.0.2, < 2.0)
      mime-types (>= 1.16, < 4.0)
      netrc (~> 0.8)
    rspec (3.5.0)
      rspec-core (~> 3.5.0)
      rspec-expectations (~> 3.5.0)
      rspec-mocks (~> 3.5.0)
    rspec-core (3.5.4)
      rspec-support (~> 3.5.0)
    rspec-expectations (3.5.0)
      diff-lcs (>= 1.2.0, < 2.0)
      rspec-support (~> 3.5.0)
    rspec-mocks (3.5.0)
      diff-lcs (>= 1.2.0, < 2.0)
      rspec-support (~> 3.5.0)
    rspec-support (3.5.0)
    rspec_junit_formatter (0.4.1)
      rspec-core (>= 2, < 4, != 2.12.0)
    rubyzip (1.2.2)
    sauce_whisk (0.0.22)
      json (>= 1.8)
      rest-client (>= 1.8)
    selenium-webdriver (3.0.3)
      childprocess (~> 0.5)
      rubyzip (~> 1.0)
      websocket (~> 1.0)
    unf (0.1.4)
      unf_ext
    unf_ext (0.0.7.5)
    websocket (1.2.8)

PLATFORMS
  ruby

DEPENDENCIES
  chromedriver-helper (= 1.0.0)
  geckodriver-helper (= 0.23.0)
  parallel_tests (~> 2.10.0)
  rake (~> 11.3.0)
  rspec (~> 3.5.0)
  rspec_junit_formatter (~> 0.4.1)
  sauce_whisk (~> 0.0.21)
  selenium-webdriver (~> 3.0.3)

BUNDLED WITH
   2.0.1
